GEM
  remote: https://rubygems.org/
  specs:
    awesome_print (1.7.0)
    builder (3.2.2)
    byebug (9.0.6)
    coderay (1.1.1)
    method_source (0.8.2)
    pry (0.10.4)
      coderay (~> 1.1.0)
      method_source (~> 0.8.1)
      slop (~> 3.4)
    rsolr (1.1.2)
      builder (>= 2.1.2)
    ruby-progressbar (1.8.1)
    slop (3.6.0)

PLATFORMS
  ruby

DEPENDENCIES
  awesome_print
  byebug
  pry
  rsolr (~> 1.0)
  ruby-progressbar

BUNDLED WITH
   1.13.6
